GEM
  remote: https://rubygems.org/
  specs:
    actioncable (7.1.2)
      actionpack (= 7.1.2)
      activesupport (= 7.1.2)
      nio4r (~> 2.0)
      websocket-driver (>= 0.6.1)
      zeitwerk (~> 2.6)
    actionmailbox (7.1.2)
      actionpack (= 7.1.2)
      activejob (= 7.1.2)
      activerecord (= 7.1.2)
      activestorage (= 7.1.2)
      activesupport (= 7.1.2)
      mail (>= 2.7.1)
      net-imap
      net-pop
      net-smtp
    actionmailer (7.1.2)
      actionpack (= 7.1.2)
      actionview (= 7.1.2)
      activejob (= 7.1.2)
      activesupport (= 7.1.2)
      mail (~> 2.5, >= 2.5.4)
      net-imap
      net-pop
      net-smtp
      rails-dom-testing (~> 2.2)
    actionpack (7.1.2)
      actionview (= 7.1.2)
      activesupport (= 7.1.2)
      nokogiri (>= 1.8.5)
      racc
      rack (>= 2.2.4)
      rack-session (>= 1.0.1)
      rack-test (>= 0.6.3)
      rails-dom-testing (~> 2.2)
      rails-html-sanitizer (~> 1.6)
    actiontext (7.1.2)
      actionpack (= 7.1.2)
      activerecord (= 7.1.2)
      activestorage (= 7.1.2)
      activesupport (= 7.1.2)
      globalid (>= 0.6.0)
      nokogiri (>= 1.8.5)
    actionview (7.1.2)
      activesupport (= 7.1.2)
      builder (~> 3.1)
      erubi (~> 1.11)
      rails-dom-testing (~> 2.2)
      rails-html-sanitizer (~> 1.6)
    active_model_serializers (0.10.14)
      actionpack (>= 4.1)
      activemodel (>= 4.1)
      case_transform (>= 0.2)
      jsonapi-renderer (>= 0.1.1.beta1, < 0.3)
    activejob (7.1.2)
      activesupport (= 7.1.2)
      globalid (>= 0.3.6)
    activemodel (7.1.2)
      activesupport (= 7.1.2)
    activerecord (7.1.2)
      activemodel (= 7.1.2)
      activesupport (= 7.1.2)
      timeout (>= 0.4.0)
    activestorage (7.1.2)
      actionpack (= 7.1.2)
      activejob (= 7.1.2)
      activerecord (= 7.1.2)
      activesupport (= 7.1.2)
      marcel (~> 1.0)
    activesupport (7.1.2)
      base64
      bigdecimal
      concurrent-ruby (~> 1.0, >= 1.0.2)
      connection_pool (>= 2.2.5)
      drb
      i18n (>= 1.6, < 2)
      minitest (>= 5.1)
      mutex_m
      tzinfo (~> 2.0)
    annotate (3.2.0)
      activerecord (>= 3.2, < 8.0)
      rake (>= 10.4, < 14.0)
    ast (2.4.2)
    base64 (0.2.0)
    bcrypt (3.1.20)
    bigdecimal (3.1.5)
    bootsnap (1.17.0)
      msgpack (~> 1.2)
    builder (3.2.4)
    case_transform (0.2)
      activesupport
    codecov (0.6.0)
      simplecov (>= 0.15, < 0.22)
    concurrent-ruby (1.2.2)
    connection_pool (2.4.1)
    crass (1.0.6)
    date (3.3.4)
    debug (1.9.1)
      irb (~> 1.10)
      reline (>= 0.3.8)
    docile (1.4.0)
    drb (2.2.0)
      ruby2_keywords
    erubi (1.12.0)
    et-orbi (1.2.7)
      tzinfo
    factory_bot (6.4.2)
      activesupport (>= 5.0.0)
    factory_bot_rails (6.4.2)
      factory_bot (~> 6.4)
      railties (>= 5.0.0)
    faker (3.2.2)
      i18n (>= 1.8.11, < 2)
    ffi (1.15.5)
    fugit (1.9.0)
      et-orbi (~> 1, >= 1.2.7)
      raabro (~> 1.4)
    globalid (1.2.1)
      activesupport (>= 6.1)
    good_job (3.21.5)
      activejob (>= 6.0.0)
      activerecord (>= 6.0.0)
      concurrent-ruby (>= 1.0.2)
      fugit (>= 1.1)
      railties (>= 6.0.0)
      thor (>= 0.14.1)
    has_scope (0.8.2)
      actionpack (>= 5.2)
      activesupport (>= 5.2)
    i18n (1.14.1)
      concurrent-ruby (~> 1.0)
    image_processing (1.12.2)
      mini_magick (>= 4.9.5, < 5)
      ruby-vips (>= 2.0.17, < 3)
    io-console (0.7.1)
    irb (1.11.0)
      rdoc
      reline (>= 0.3.8)
    json (2.7.1)
    jsonapi-renderer (0.2.2)
    language_server-protocol (3.17.0.3)
    loofah (2.22.0)
      crass (~> 1.0.2)
      nokogiri (>= 1.12.0)
    mail (2.8.1)
      mini_mime (>= 0.1.1)
      net-imap
      net-pop
      net-smtp
    marcel (1.0.2)
    mini_magick (4.11.0)
    mini_mime (1.1.5)
    mini_portile2 (2.8.5)
    minitest (5.20.0)
    mocha (2.1.0)
      ruby2_keywords (>= 0.0.5)
    msgpack (1.7.2)
    mutex_m (0.2.0)
    net-imap (0.4.4)
      date
      net-protocol
    net-pop (0.1.2)
      net-protocol
    net-protocol (0.2.2)
      timeout
    net-smtp (0.4.0)
      net-protocol
    nio4r (2.5.9)
    nokogiri (1.15.5)
      mini_portile2 (~> 2.8.2)
      racc (~> 1.4)
    parallel (1.24.0)
    parser (3.2.2.4)
      ast (~> 2.4.1)
      racc
    pg (1.5.4)
    psych (5.1.2)
      stringio
    puma (6.4.0)
      nio4r (~> 2.0)
    pundit (2.3.1)
      activesupport (>= 3.0.0)
    raabro (1.4.0)
    racc (1.7.3)
    rack (3.0.8)
    rack-cors (2.0.1)
      rack (>= 2.0.0)
    rack-session (2.0.0)
      rack (>= 3.0.0)
    rack-test (2.1.0)
      rack (>= 1.3)
    rackup (2.1.0)
      rack (>= 3)
      webrick (~> 1.8)
    rails (7.1.2)
      actioncable (= 7.1.2)
      actionmailbox (= 7.1.2)
      actionmailer (= 7.1.2)
      actionpack (= 7.1.2)
      actiontext (= 7.1.2)
      actionview (= 7.1.2)
      activejob (= 7.1.2)
      activemodel (= 7.1.2)
      activerecord (= 7.1.2)
      activestorage (= 7.1.2)
      activesupport (= 7.1.2)
      bundler (>= 1.15.0)
      railties (= 7.1.2)
    rails-dom-testing (2.2.0)
      activesupport (>= 5.0.0)
      minitest
      nokogiri (>= 1.6)
    rails-html-sanitizer (1.6.0)
      loofah (~> 2.21)
      nokogiri (~> 1.14)
    railties (7.1.2)
      actionpack (= 7.1.2)
      activesupport (= 7.1.2)
      irb
      rackup (>= 1.0.0)
      rake (>= 12.2)
      thor (~> 1.0, >= 1.2.2)
      zeitwerk (~> 2.6)
    rainbow (3.1.1)
    rake (13.1.0)
    rdoc (6.6.2)
      psych (>= 4.0.0)
    regexp_parser (2.8.3)
    reline (0.4.1)
      io-console (~> 0.5)
    rexml (3.2.6)
    rubocop (1.59.0)
      json (~> 2.3)
      language_server-protocol (>= 3.17.0)
      parallel (~> 1.10)
      parser (>= 3.2.2.4)
      rainbow (>= 2.2.2, < 4.0)
      regexp_parser (>= 1.8, < 3.0)
      rexml (>= 3.2.5, < 4.0)
      rubocop-ast (>= 1.30.0, < 2.0)
      ruby-progressbar (~> 1.7)
      unicode-display_width (>= 2.4.0, < 3.0)
    rubocop-ast (1.30.0)
      parser (>= 3.2.1.0)
    rubocop-factory_bot (2.24.0)
      rubocop (~> 1.33)
    rubocop-minitest (0.34.1)
      rubocop (>= 1.39, < 2.0)
      rubocop-ast (>= 1.30.0, < 2.0)
    rubocop-rails (2.23.0)
      activesupport (>= 4.2.0)
      rack (>= 1.1)
      rubocop (>= 1.33.0, < 2.0)
      rubocop-ast (>= 1.30.0, < 2.0)
    ruby-progressbar (1.13.0)
    ruby-vips (2.1.4)
      ffi (~> 1.12)
    ruby2_keywords (0.0.5)
    simplecov (0.21.2)
      docile (~> 1.1)
      simplecov-html (~> 0.11)
      simplecov_json_formatter (~> 0.1)
    simplecov-html (0.12.3)
    simplecov_json_formatter (0.1.3)
    stringio (3.1.0)
    thor (1.3.0)
    timeout (0.4.1)
    tzinfo (2.0.6)
      concurrent-ruby (~> 1.0)
    unicode-display_width (2.5.0)
    wahwah (1.5.1)
    webrick (1.8.1)
    websocket-driver (0.7.6)
      websocket-extensions (>= 0.1.0)
    websocket-extensions (0.1.5)
    will_paginate (4.0.0)
    zeitwerk (2.6.12)

PLATFORMS
  ruby

DEPENDENCIES
  active_model_serializers (~> 0.10)
  annotate (~> 3.2)
  bcrypt (~> 3.1)
  bootsnap (~> 1.17.0)
  codecov (~> 0.6.0)
  debug (~> 1.9)
  factory_bot_rails (~> 6.4)
  faker (~> 3.2)
  good_job (~> 3.21)
  has_scope (~> 0.8)
  image_processing (~> 1.12.2)
  mocha (~> 2.1.0)
  pg (>= 1.2.3, < 2.0)
  puma (~> 6.4)
  pundit (~> 2.3)
  rack-cors (~> 2.0)
  rails (~> 7.1)
  rubocop-factory_bot (~> 2.24)
  rubocop-minitest (~> 0.34.1)
  rubocop-rails (~> 2.23)
  simplecov (~> 0.21)
  tzinfo-data
  wahwah (~> 1.5.1)
  will_paginate (~> 4.0)

RUBY VERSION
   ruby 3.2.2p53

BUNDLED WITH
   2.4.10
